PATH
  remote: .
  specs:
    gcode-vm (1.0.2)
      activesupport (>= 5.1, < 8)
      parslet (>= 1.8, < 3)

GEM
  remote: https://rubygems.org/
  specs:
    activesupport (7.0.7.2)
      concurrent-ruby (~> 1.0, >= 1.0.2)
      i18n (>= 1.6, < 2)
      minitest (>= 5.1)
      tzinfo (~> 2.0)
    concurrent-ruby (1.2.2)
    i18n (1.14.1)
      concurrent-ruby (~> 1.0)
    minitest (5.14.4)
    parslet (2.0.0)
    rake (13.0.3)
    tzinfo (2.0.6)
      concurrent-ruby (~> 1.0)

PLATFORMS
  ruby

DEPENDENCIES
  bundler (~> 2.1)
  gcode-vm!
  minitest (~> 5.14.4)
  rake (~> 13.0)

BUNDLED WITH
   2.4.5
