PATH
  remote: .
  specs:
    gcode-vm (0.1.0)
      activesupport (~> 5.1, < 6)
      parslet (~> 1.8)

GEM
  remote: https://rubygems.org/
  specs:
    activesupport (5.1.3)
      concurrent-ruby (~> 1.0, >= 1.0.2)
      i18n (~> 0.7)
      minitest (~> 5.1)
      tzinfo (~> 1.1)
    concurrent-ruby (1.0.5)
    i18n (0.8.6)
    minitest (5.11.3)
    parslet (1.8.2)
    rake (12.0.0)
    thread_safe (0.3.6)
    tzinfo (1.2.3)
      thread_safe (~> 0.1)

PLATFORMS
  ruby

DEPENDENCIES
  bundler (~> 1.15)
  gcode-vm!
  minitest (~> 5.11.3)
  rake (~> 12.0)

BUNDLED WITH
   1.17.3
